GEM
  remote: https://rubygems.org/
  specs:
    multi_json (1.9.3)
    paypal-sdk-core (0.2.8)
      multi_json (~> 1.0)
      xml-simple
    paypal-sdk-rest (0.6.1)
      paypal-sdk-core (~> 0.2.8)
      uuidtools (~> 2.1)
    rack (1.5.2)
    rack-protection (1.5.3)
      rack
    sinatra (1.4.5)
      rack (~> 1.4)
      rack-protection (~> 1.4)
      tilt (~> 1.3, >= 1.3.4)
    tilt (1.4.1)
    uuidtools (2.1.4)
    xml-simple (1.1.3)

PLATFORMS
  ruby

DEPENDENCIES
  paypal-sdk-rest
  sinatra
